GIT
  remote: git://github.com/aaronchi/jrails.git
  revision: ea8b56b446f3e55236c25b04eb6c9a10c9a189e6
  branch: ea8b56b446f3e55236c25b04eb6c9a10c9a189e6
  specs:
    jrails (0.5.1)

GIT
  remote: git://github.com/smartinez87/exception_notification.git
  revision: eb9d723f07ab9d6629678dfbcf466544e7d696bf
  branch: 2-3-stable
  specs:
    exception_notification (2.3.3.0)

GIT
  remote: https://github.com/makandra/rails.git
  revision: 54349061beff57f8f27d2b0f95402bc5fba1f612
  branch: 2-3-lts
  specs:
    actionmailer (2.3.18.24)
      actionpack (= 2.3.18.24)
    actionpack (2.3.18.24)
      activesupport (= 2.3.18.24)
      rack (< 1.5)
    activerecord (2.3.18.24)
      activesupport (= 2.3.18.24)
    activeresource (2.3.18.24)
      activesupport (= 2.3.18.24)
    activesupport (2.3.18.24)
    rails (2.3.18.24)
      actionmailer (= 2.3.18.24)
      actionpack (= 2.3.18.24)
      activerecord (= 2.3.18.24)
      activeresource (= 2.3.18.24)
      activesupport (= 2.3.18.24)
      railslts-version (= 2.3.18.24)
      railties (= 2.3.18.24)
    railslts-version (2.3.18.24)
    railties (2.3.18.24)
      actionpack (= 2.3.18.24)
      activesupport (= 2.3.18.24)
      rake (>= 0.8.3, < 11)

GEM
  remote: https://rubygems.org/
  specs:
    ae_users_migrator (1.0.5)
      activerecord (>= 2.3)
    archive-tar-minitar (0.8)
      minitar (~> 0.8)
      minitar-cli (~> 0.8)
    aws-s3 (0.6.2)
      builder
      mime-types
      xml-simple
    builder (3.0.0)
    cancan (1.6.7)
    coderay (0.9.8)
    daemons (1.1.9)
    devise (1.0.11)
      warden (~> 0.10.3)
    devise_cas_authenticatable (1.2.1)
      devise (>= 1.0.6)
      rubycas-client (>= 2.2.1)
    eventmachine (1.0.3)
    febeling-rubyzip (0.9.2)
    hashie (3.6.0)
    hoe (3.17.2)
      rake (>= 0.8, < 13.0)
    json (1.8.1)
    kgio (2.8.0)
    method_source (0.6.7)
      ruby_parser (>= 2.3.1)
    mime-types (1.16)
    minitar (0.8)
    minitar-cli (0.8)
      minitar (~> 0.8.0)
      powerbar (~> 1.0)
    mysql2 (0.2.23)
    newrelic_rpm (3.9.9.275)
    nokogiri (1.5.11)
    paperclip (2.3.3)
      activerecord
      activesupport
    pg (0.17.1)
    powerbar (1.0.18)
      hashie (>= 1.1.0)
    pry (0.9.7.3)
      coderay (~> 0.9.8)
      method_source (~> 0.6.7)
      ruby_parser (>= 2.3.1)
      slop (~> 2.1.0)
    rack (1.4.7)
    raindrops (0.11.0)
    rake (10.5.0)
    rcov (1.0.0)
    right_aws (2.0.0)
      right_http_connection (>= 1.2.1)
    right_http_connection (1.2.4)
    ruby-openid (2.1.8)
    ruby_parser (2.3.1)
      sexp_processor (~> 3.0)
    rubycas-client (2.2.1)
      activesupport
    sexp_processor (3.0.7)
    slop (2.1.0)
    thin (1.6.2)
      daemons (>= 1.0.9)
      eventmachine (>= 1.0.0)
      rack (>= 1.0.0)
    unicorn (4.6.2)
      kgio (~> 2.6)
      rack
      raindrops (~> 0.7)
    warden (0.10.7)
      rack (>= 1.0.0)
    xml-simple (1.0.13)

PLATFORMS
  ruby

DEPENDENCIES
  ae_users_migrator
  archive-tar-minitar
  aws-s3
  cancan
  devise (~> 1.0.0)
  devise_cas_authenticatable
  exception_notification!
  febeling-rubyzip (~> 0.9.2)
  hoe
  jrails (= 0.5.1)!
  json
  mysql2 (~> 0.2.0)
  newrelic_rpm
  nokogiri (~> 1.5.10)
  paperclip (~> 2.3)
  pg (~> 0.17.1)
  pry
  rails!
  rcov
  right_aws
  ruby-openid (>= 2.0.4)
  rubycas-client (~> 2.2.0)
  thin
  unicorn

RUBY VERSION
   ruby 1.8.7p374

BUNDLED WITH
   1.12.5
